GEM
  remote: https://rubygems.org/
  specs:
    builder (3.2.2)
    erubis (2.7.0)
    ffi (1.9.10)
    gssapi (1.2.0)
      ffi (>= 1.0.1)
    gyoku (1.3.1)
      builder (>= 2.1.2)
    httpclient (2.8.0)
    little-plugger (1.1.4)
    logging (2.1.0)
      little-plugger (~> 1.1)
      multi_json (~> 1.10)
    multi_json (1.12.0)
    nori (2.6.0)
    rubyntlm (0.6.0)
    rubyzip (1.2.0)
    winrm (1.8.1)
      builder (>= 2.1.2)
      gssapi (~> 1.2)
      gyoku (~> 1.0)
      httpclient (~> 2.2, >= 2.2.0.2)
      logging (>= 1.6.1, < 3.0)
      nori (~> 2.0)
      rubyntlm (~> 0.6.0)
    winrm-fs (0.4.2)
      erubis (~> 2.7)
      logging (>= 1.6.1, < 3.0)
      rubyzip (~> 1.1)
      winrm (~> 1.5)

PLATFORMS
  ruby

DEPENDENCIES
  winrm
  winrm-fs

BUNDLED WITH
   1.12.3
